GEM
  remote: https://rubygems.org/
  specs:
    bson (4.15.0)
    mongo (2.18.1)
      bson (>= 4.14.1, < 5.0.0)

PLATFORMS
  arm64-darwin-21
  x86_64-darwin-21

DEPENDENCIES
  mongo

BUNDLED WITH
   2.3.20
